GEM
  remote: https://rubygems.org/
  specs:
    bcrypt_pbkdf (1.0.1)
    byebug (11.1.3)
    dotenv (2.7.6)
    ed25519 (1.2.4)
    mini_portile2 (2.4.0)
    net-scp (3.0.0)
      net-ssh (>= 2.6.5, < 7.0.0)
    net-ssh (6.1.0)
    nokogiri (1.10.10)
      mini_portile2 (~> 2.4.0)

PLATFORMS
  ruby

DEPENDENCIES
  bcrypt_pbkdf (>= 1.0, < 2.0)
  byebug
  dotenv
  ed25519 (>= 1.2, < 2.0)
  net-scp
  net-ssh
  nokogiri

BUNDLED WITH
   2.1.4
